GEM
  remote: https://rubygems.org/
  specs:
    builder (3.2.2)
    capybara (2.5.0)
      mime-types (>= 1.16)
      nokogiri (>= 1.3.3)
      rack (>= 1.0.0)
      rack-test (>= 0.5.4)
      xpath (~> 2.0)
    cucumber (2.0.2)
      builder (>= 2.1.2)
      cucumber-core (~> 1.2.0)
      diff-lcs (>= 1.1.3)
      gherkin (~> 2.12)
      multi_json (>= 1.7.5, < 2.0)
      multi_test (>= 0.1.2)
    cucumber-core (1.2.0)
      gherkin (~> 2.12.0)
    database_cleaner (1.5.0)
    diff-lcs (1.2.5)
    dotenv (2.0.2)
    gherkin (2.12.2)
      multi_json (~> 1.3)
    http_router (0.11.2)
      rack (>= 1.0.0)
      url_mount (~> 0.2.1)
    lotus-controller (0.4.4)
      lotus-utils (~> 0.5)
      lotus-validations (~> 0.3)
      rack (~> 1.5)
    lotus-helpers (0.2.0)
      lotus-utils (~> 0.5)
    lotus-model (0.4.1)
      lotus-utils (~> 0.5)
      sequel (~> 4.9)
    lotus-router (0.4.2)
      http_router (~> 0.11)
      lotus-utils (~> 0.5, >= 0.5.1)
    lotus-utils (0.5.1)
    lotus-validations (0.3.2)
      lotus-utils (~> 0.4)
    lotus-view (0.4.3)
      lotus-utils (~> 0.5)
      tilt (~> 2.0, >= 2.0.1)
    lotusrb (0.4.1)
      dotenv (~> 2.0)
      lotus-controller (~> 0.4, >= 0.4.4)
      lotus-helpers (~> 0.2)
      lotus-router (~> 0.4, >= 0.4.2)
      lotus-utils (~> 0.5, >= 0.5.1)
      lotus-view (~> 0.4, >= 0.4.3)
      shotgun (~> 0.9)
      thor (~> 0.19)
    mime-types (2.6.1)
    mini_portile (0.6.2)
    multi_json (1.11.2)
    multi_test (0.1.2)
    nokogiri (1.6.6.2)
      mini_portile (~> 0.6.0)
    rack (1.6.4)
    rack-test (0.6.3)
      rack (>= 1.0)
    rake (10.4.2)
    rspec (3.3.0)
      rspec-core (~> 3.3.0)
      rspec-expectations (~> 3.3.0)
      rspec-mocks (~> 3.3.0)
    rspec-core (3.3.2)
      rspec-support (~> 3.3.0)
    rspec-expectations (3.3.1)
      diff-lcs (>= 1.2.0, < 2.0)
      rspec-support (~> 3.3.0)
    rspec-mocks (3.3.2)
      diff-lcs (>= 1.2.0, < 2.0)
      rspec-support (~> 3.3.0)
    rspec-support (3.3.0)
    sequel (4.26.0)
    shotgun (0.9.1)
      rack (>= 1.0)
    thor (0.19.1)
    tilt (2.0.1)
    url_mount (0.2.1)
      rack
    xpath (2.0.0)
      nokogiri (~> 1.3)

PLATFORMS
  ruby

DEPENDENCIES
  bundler
  capybara
  cucumber
  database_cleaner
  lotus-model (~> 0.4)
  lotusrb (= 0.4.1)
  rake
  rspec
